PATH
  remote: .
  specs:
    localization_presenter_plugin (0.0.1)

GEM
  remote: https://rubygems.org/
  specs:
    rake (13.0.1)

PLATFORMS
  x86_64-darwin-19

DEPENDENCIES
  bundler (> 1.16)
  localization_presenter_plugin!
  rake (> 10.0)

BUNDLED WITH
   2.2.1
